GEM
  remote: http://rubygems.org/
  specs:
    addressable (2.3.2)
    builder (3.1.4)
    crack (0.3.2)
    cucumber (1.2.1)
      builder (>= 2.1.2)
      diff-lcs (>= 1.1.3)
      gherkin (~> 2.11.0)
      json (>= 1.4.6)
    diff-lcs (1.2.0)
    dotenv (0.5.0)
    eventbrite-client (0.1.4)
      httparty (~> 0.8.0)
      tzinfo (~> 0.3.22)
    gherkin (2.11.6)
      json (>= 1.7.6)
    httparty (0.8.3)
      multi_json (~> 1.0)
      multi_xml
    json (1.7.6)
    multi_json (1.5.0)
    multi_xml (0.5.2)
    rack (1.5.1)
    rack-protection (1.3.2)
      rack
    rake (10.0.3)
    redis (3.0.2)
    redis-namespace (1.2.1)
      redis (~> 3.0.0)
    resque (1.23.0)
      multi_json (~> 1.0)
      redis-namespace (~> 1.0)
      sinatra (>= 0.9.2)
      vegas (~> 0.1.2)
    rspec (2.0.1)
      rspec-core (~> 2.0.1)
      rspec-expectations (~> 2.0.1)
      rspec-mocks (~> 2.0.1)
    rspec-core (2.0.1)
    rspec-expectations (2.0.1)
      diff-lcs (>= 1.1.2)
    rspec-mocks (2.0.1)
      rspec-core (~> 2.0.1)
      rspec-expectations (~> 2.0.1)
    simplecov (0.7.1)
      multi_json (~> 1.0)
      simplecov-html (~> 0.7.1)
    simplecov-html (0.7.1)
    simplecov-rcov (0.2.3)
      simplecov (>= 0.4.1)
    sinatra (1.3.4)
      rack (~> 1.4)
      rack-protection (~> 1.3)
      tilt (~> 1.3, >= 1.3.3)
    tilt (1.3.3)
    tzinfo (0.3.35)
    vcr (2.4.0)
    vegas (0.1.11)
      rack (>= 1.0.0)
    webmock (1.9.0)
      addressable (>= 2.2.7)
      crack (>= 0.1.7)

PLATFORMS
  ruby

DEPENDENCIES
  cucumber
  dotenv
  eventbrite-client
  rake
  resque
  rspec
  simplecov
  simplecov-rcov
  vcr
  webmock
