GIT
  remote: git://github.com/theodi/google-drive-ruby.git
  revision: 2ac538abec2dfc3ae45079946fbb2bd4f68970ba
  branch: support-ranges
  specs:
    google_drive (0.3.6)
      nokogiri (>= 1.4.4, != 1.5.2, != 1.5.1)
      oauth (>= 0.3.6)
      oauth2 (>= 0.5.0)

GIT
  remote: https://github.com/theodi/capsulecrm.git
  revision: a28b6fd7384abdc972f6ce4ffbf11c2beb5bdd47
  specs:
    capsulecrm (0.0.4)
      activemodel (>= 3.0.5)
      activesupport (>= 3.0.5)
      httparty (>= 0.7.4)

GIT
  remote: https://github.com/theodi/xeroizer.git
  revision: 7c86c917eaf515bcec012ea0fbf682669d50fbaa
  specs:
    xeroizer (2.15.3)
      activesupport (~> 3.2.12)
      builder (>= 2.1.2)
      i18n
      nokogiri
      oauth (~> 0.4.5)

PATH
  remote: .
  specs:
    open-orgn-services (0.0.0)
      activemodel (~> 3.2, >= 3.2.12)
      capsulecrm
      eventbrite-client (~> 0.1, >= 0.1.4)
      fog (~> 1.12, >= 1.12.1)
      github_api (~> 0.9, >= 0.9.0, <= 0.10.1)
      google_drive (~> 0.3, >= 0.3.6)
      httparty
      leftronicapi (~> 1.2, >= 1.2.0)
      pony (~> 1.6, >= 1.6.2)
      rake (~> 10.0, >= 10.0.3)
      resque (~> 1.23, >= 1.23.0)
      resque-scheduler (~> 2.0, >= 2.0.0)
      ruby-trello (~> 0.5, >= 0.5.1)
      rufus-scheduler (< 3.0.0)
      xeroizer (~> 2.15, >= 2.15.3)

GEM
  remote: https://rubygems.org/
  specs:
    activemodel (3.2.17)
      activesupport (= 3.2.17)
      builder (~> 3.0.0)
    activesupport (3.2.17)
      i18n (~> 0.6, >= 0.6.4)
      multi_json (~> 1.0)
    addressable (2.3.5)
    archive-tar-minitar (0.5.2)
    builder (3.0.4)
    celluloid (0.15.2)
      timers (~> 1.1.0)
    celluloid-io (0.15.0)
      celluloid (>= 0.15.0)
      nio4r (>= 0.5.0)
    childprocess (0.5.1)
      ffi (~> 1.0, >= 1.0.11)
    coderay (1.1.0)
    crack (0.4.2)
      safe_yaml (~> 1.0.0)
    cucumber (1.3.12)
      builder (>= 2.1.2)
      diff-lcs (>= 1.1.3)
      gherkin (~> 2.12)
      multi_json (>= 1.7.5, < 2.0)
      multi_test (>= 0.1.1)
    curb (0.8.5)
    diff-lcs (1.2.5)
    docile (1.1.3)
    dotenv (0.10.0)
    email_spec (1.5.0)
      launchy (~> 2.1)
      mail (~> 2.2)
    eventbrite-client (0.1.4)
      httparty (~> 0.8.0)
      tzinfo (~> 0.3.22)
    excon (0.31.0)
    faraday (0.8.9)
      multipart-post (~> 1.2.0)
    ffi (1.9.3)
    fog (1.20.0)
      builder
      excon (~> 0.31.0)
      formatador (~> 0.2.0)
      mime-types
      multi_json (~> 1.0)
      net-scp (~> 1.1)
      net-ssh (>= 2.1.3)
      nokogiri (>= 1.5.11)
    formatador (0.2.4)
    gherkin (2.12.2)
      multi_json (~> 1.3)
    github_api (0.10.1)
      addressable
      faraday (~> 0.8.1)
      hashie (>= 1.2)
      multi_json (~> 1.4)
      nokogiri (~> 1.5.2)
      oauth2
    guard (2.5.1)
      formatador (>= 0.2.4)
      listen (~> 2.6)
      lumberjack (~> 1.0)
      pry (>= 0.9.12)
      thor (>= 0.18.1)
    guard-cucumber (1.4.1)
      cucumber (>= 1.2.0)
      guard (>= 1.1.0)
    guard-spork (1.5.1)
      childprocess (>= 0.2.3)
      guard (>= 1.1)
      spork (>= 0.8.4)
    hashie (2.0.5)
    httparty (0.8.3)
      multi_json (~> 1.0)
      multi_xml
    i18n (0.6.9)
    json (1.8.1)
    jwt (0.1.11)
      multi_json (>= 1.5)
    launchy (2.4.2)
      addressable (~> 2.3)
    leftronicapi (1.2.0)
      curb
      json
      rake
    listen (2.7.1)
      celluloid (>= 0.15.2)
      celluloid-io (>= 0.15.0)
      rb-fsevent (>= 0.9.3)
      rb-inotify (>= 0.9)
    lumberjack (1.0.4)
    mail (2.2.7)
      activesupport (>= 2.3.6)
      mime-types
      treetop (>= 1.4.5)
    method_source (0.8.2)
    mime-types (2.2)
    mock_redis (0.11.0)
    mono_logger (1.1.0)
    multi_json (1.9.0)
    multi_test (0.1.1)
    multi_xml (0.5.5)
    multipart-post (1.2.0)
    net-scp (1.1.2)
      net-ssh (>= 2.6.5)
    net-ssh (2.8.0)
    nio4r (1.0.0)
    nokogiri (1.5.11)
    oauth (0.4.7)
    oauth2 (0.9.3)
      faraday (>= 0.8, < 0.10)
      jwt (~> 0.1.8)
      multi_json (~> 1.3)
      multi_xml (~> 0.5)
      rack (~> 1.2)
    polyglot (0.3.4)
    pony (1.8)
      mail (>= 2.0)
    pry (0.9.12.6)
      coderay (~> 1.0)
      method_source (~> 0.8)
      slop (~> 3.4)
    rack (1.5.2)
    rack-protection (1.5.2)
      rack
    rake (10.1.1)
    rb-fsevent (0.9.4)
    rb-inotify (0.9.3)
      ffi (>= 0.5.0)
    redis (3.0.7)
    redis-namespace (1.4.1)
      redis (~> 3.0.4)
    relish (0.7)
      archive-tar-minitar (>= 0.5.2)
      json (>= 1.4.6)
      rest-client (>= 1.6.1)
    resque (1.25.2)
      mono_logger (~> 1.0)
      multi_json (~> 1.0)
      redis-namespace (~> 1.3)
      sinatra (>= 0.9.2)
      vegas (~> 0.1.2)
    resque-scheduler (2.5.5)
      mono_logger (~> 1.0)
      redis (~> 3.0.4)
      resque (~> 1.25.1)
      rufus-scheduler (~> 2.0.24)
    rest-client (1.6.7)
      mime-types (>= 1.16)
    rspec (2.14.1)
      rspec-core (~> 2.14.0)
      rspec-expectations (~> 2.14.0)
      rspec-mocks (~> 2.14.0)
    rspec-core (2.14.8)
    rspec-expectations (2.14.5)
      diff-lcs (>= 1.1.3, < 2.0)
    rspec-mocks (2.14.6)
    ruby-trello (0.6.0)
      activemodel
      addressable (~> 2.3)
      json
      oauth (~> 0.4.5)
      rest-client (~> 1.6.7)
    rufus-scheduler (2.0.24)
      tzinfo (>= 0.3.22)
    safe_yaml (1.0.1)
    simplecov (0.8.2)
      docile (~> 1.1.0)
      multi_json
      simplecov-html (~> 0.8.0)
    simplecov-html (0.8.0)
    simplecov-rcov (0.2.3)
      simplecov (>= 0.4.1)
    sinatra (1.4.4)
      rack (~> 1.4)
      rack-protection (~> 1.4)
      tilt (~> 1.3, >= 1.3.4)
    slop (3.5.0)
    spork (0.9.2)
    thor (0.18.1)
    tilt (1.4.1)
    timecop (0.7.1)
    timers (1.1.0)
    treetop (1.5.1)
      polyglot (~> 0.3)
    tzinfo (0.3.39)
    vcr (2.8.0)
    vegas (0.1.11)
      rack (>= 1.0.0)
    webmock (1.9.3)
      addressable (>= 2.2.7)
      crack (>= 0.3.2)

PLATFORMS
  ruby

DEPENDENCIES
  capsulecrm!
  cucumber (~> 1.2)
  dotenv (~> 0.5)
  email_spec (~> 1.5)
  google_drive!
  guard-cucumber (~> 1.3)
  guard-spork (~> 1.4)
  mock_redis
  open-orgn-services!
  pry (~> 0.9)
  rb-fsevent (~> 0.9)
  relish (~> 0.6)
  rspec (~> 2.12)
  simplecov-rcov (~> 0.2)
  timecop (~> 0.5)
  vcr (~> 2.4)
  webmock (= 1.9.3)
  xeroizer!
