GIT
  remote: https://github.com/theodi/xeroizer.git
  revision: 6cda7938f682636b45a919422303beb73a4f3cca
  specs:
    xeroizer (2.15.3)
      activesupport
      activesupport
      builder (>= 2.1.2)
      builder (>= 2.1.2)
      i18n
      nokogiri
      nokogiri
      oauth (>= 0.3.6)
      oauth (~> 0.4.5)

PATH
  remote: .
  specs:
    open-orgn-services (0.0.0)
      activemodel (~> 3.2, >= 3.2.12)
      eventbrite-client (~> 0.1, >= 0.1.4)
      github_api (~> 0.9, >= 0.9.0)
      jenkins-remote-api (~> 0.0, >= 0.0.4)
      leftronicapi (~> 1.2, >= 1.2.0)
      rake (~> 10.0, >= 10.0.3)
      resque (~> 1.23, >= 1.23.0)
      ruby-trello (~> 0.5, >= 0.5.1)
      xeroizer (~> 2.15, >= 2.15.3)

GEM
  remote: https://rubygems.org/
  specs:
    activemodel (3.2.12)
      activesupport (= 3.2.12)
      builder (~> 3.0.0)
    activesupport (3.2.12)
      i18n (~> 0.6)
      multi_json (~> 1.0)
    addressable (2.3.3)
    archive-tar-minitar (0.5.2)
    builder (3.0.4)
    childprocess (0.3.7)
      ffi (~> 1.0, >= 1.0.6)
    coderay (1.0.8)
    crack (0.3.2)
    cucumber (1.2.1)
      builder (>= 2.1.2)
      diff-lcs (>= 1.1.3)
      gherkin (~> 2.11.0)
      json (>= 1.4.6)
    curb (0.8.3)
    diff-lcs (1.2.1)
    dotenv (0.5.0)
    eventbrite-client (0.1.4)
      httparty (~> 0.8.0)
      tzinfo (~> 0.3.22)
    faraday (0.8.5)
      multipart-post (~> 1.1)
    ffi (1.3.1)
    gherkin (2.11.6)
      json (>= 1.7.6)
    github_api (0.9.0)
      faraday (~> 0.8.1)
      hashie (~> 1.2.0)
      multi_json (~> 1.4)
      nokogiri (~> 1.5.2)
      oauth2
    guard (1.6.2)
      listen (>= 0.6.0)
      lumberjack (>= 1.0.2)
      pry (>= 0.9.10)
      terminal-table (>= 1.4.3)
      thor (>= 0.14.6)
    guard-cucumber (1.3.2)
      cucumber (>= 1.2.0)
      guard (>= 1.1.0)
    guard-spork (1.4.2)
      childprocess (>= 0.2.3)
      guard (>= 1.1)
      spork (>= 0.8.4)
    hashie (1.2.0)
    httparty (0.8.3)
      multi_json (~> 1.0)
      multi_xml
    httpauth (0.2.0)
    i18n (0.6.1)
    jenkins-remote-api (0.0.4)
      libxml-ruby (~> 2.2.2)
      mechanize (~> 2.0.1)
      terminal-table
      thor
    json (1.7.7)
    jwt (0.1.5)
      multi_json (>= 1.0)
    leftronicapi (1.2.0)
      curb
      json
      rake
    libxml-ruby (2.2.2)
    listen (0.7.2)
    lumberjack (1.0.2)
    mechanize (2.0.1)
      net-http-digest_auth (~> 1.1, >= 1.1.1)
      net-http-persistent (~> 1.8)
      nokogiri (~> 1.4)
      webrobots (~> 0.0, >= 0.0.9)
    method_source (0.8.1)
    mime-types (1.21)
    multi_json (1.6.1)
    multi_xml (0.5.3)
    multipart-post (1.1.5)
    net-http-digest_auth (1.2.1)
    net-http-persistent (1.9)
    nokogiri (1.5.6)
    oauth (0.4.7)
    oauth2 (0.9.0)
      faraday (~> 0.8)
      httpauth (~> 0.1)
      jwt (~> 0.1.4)
      multi_json (~> 1.0)
      multi_xml (~> 0.5)
      rack (~> 1.2)
    pry (0.9.11.4)
      coderay (~> 1.0.5)
      method_source (~> 0.8)
      slop (~> 3.4)
    rack (1.5.2)
    rack-protection (1.3.2)
      rack
    rake (10.0.3)
    rb-fsevent (0.9.3)
    redis (3.0.2)
    redis-namespace (1.2.1)
      redis (~> 3.0.0)
    relish (0.6)
      archive-tar-minitar (>= 0.5.2)
      json (>= 1.4.6)
      rest-client (>= 1.6.1)
    resque (1.23.0)
      multi_json (~> 1.0)
      redis-namespace (~> 1.0)
      sinatra (>= 0.9.2)
      vegas (~> 0.1.2)
    rest-client (1.6.7)
      mime-types (>= 1.16)
    rspec (2.13.0)
      rspec-core (~> 2.13.0)
      rspec-expectations (~> 2.13.0)
      rspec-mocks (~> 2.13.0)
    rspec-core (2.13.0)
    rspec-expectations (2.13.0)
      diff-lcs (>= 1.1.3, < 2.0)
    rspec-mocks (2.13.0)
    ruby-trello (0.5.1)
      activemodel
      addressable (~> 2.3)
      json
      oauth (~> 0.4.5)
      rest-client (~> 1.6.7)
    simplecov (0.7.1)
      multi_json (~> 1.0)
      simplecov-html (~> 0.7.1)
    simplecov-html (0.7.1)
    simplecov-rcov (0.2.3)
      simplecov (>= 0.4.1)
    sinatra (1.3.4)
      rack (~> 1.4)
      rack-protection (~> 1.3)
      tilt (~> 1.3, >= 1.3.3)
    slop (3.4.3)
    spork (0.9.2)
    terminal-table (1.4.5)
    thor (0.17.0)
    tilt (1.3.3)
    timecop (0.5.9.2)
    tzinfo (0.3.35)
    vcr (2.4.0)
    vegas (0.1.11)
      rack (>= 1.0.0)
    webmock (1.9.3)
      addressable (>= 2.2.7)
      crack (>= 0.3.2)
    webrobots (0.0.13)

PLATFORMS
  ruby

DEPENDENCIES
  cucumber (~> 1.2, >= 1.2.1)
  dotenv (~> 0.5, >= 0.5.0)
  guard-cucumber (~> 1.3, >= 1.3.2)
  guard-spork (~> 1.4, >= 1.4.2)
  open-orgn-services!
  rb-fsevent (~> 0.9, >= 0.9.3)
  relish (~> 0.6, >= 0.6.0)
  rspec (~> 2.12, >= 2.12.0)
  simplecov-rcov (~> 0.2, >= 0.2.3)
  timecop (~> 0.5, >= 0.5.9.2)
  vcr (~> 2.4, >= 2.4.0)
  webmock (= 1.9.3)
  xeroizer!
